PATH
  remote: .
  specs:
    shoden (1.0)
      pg (~> 1.1)

GEM
  remote: https://rubygems.org/
  specs:
    clap (1.0.0)
    cutest (1.2.3)
      clap
    docile (1.3.1)
    json (2.2.0)
    pg (1.1.4)
    rake (12.3.2)
    simplecov (0.16.1)
      docile (~> 1.1)
      json (>= 1.8, < 3)
      simplecov-html (~> 0.10.0)
    simplecov-html (0.10.2)

PLATFORMS
  ruby

DEPENDENCIES
  cutest (~> 1.2)
  rake
  shoden!
  simplecov (~> 0.16)

BUNDLED WITH
   1.17.2
