PATH
  remote: .
  specs:
    shoden (1.0)
      pg (~> 1.1)

GEM
  remote: https://rubygems.org/
  specs:
    clap (1.0.0)
    cutest (1.2.3)
      clap
    pg (1.1.4)
    rake (12.3.2)

PLATFORMS
  ruby

DEPENDENCIES
  cutest (~> 1.2)
  rake
  shoden!

BUNDLED WITH
   1.17.2
